GEM
  remote: https://rubygems.org/
  specs:
    aruba (1.0.0.pre.alpha.2)
      childprocess (~> 0.7.1)
      contracts (~> 0.14)
      cucumber (~> 2.4, >= 2.4.0)
      ffi (~> 1.9, >= 1.9.10)
      rspec-expectations (~> 3.4, >= 3.4.0)
      thor (~> 0.19)
    builder (3.2.3)
    childprocess (0.7.1)
      ffi (~> 1.0, >= 1.0.11)
    contracts (0.16.0)
    cucumber (2.99.0)
      builder (>= 2.1.2)
      cucumber-core (~> 1.5.0)
      cucumber-wire (~> 0.0.1)
      diff-lcs (>= 1.1.3)
      gherkin (~> 4.0)
      multi_json (>= 1.7.5, < 2.0)
      multi_test (>= 0.1.2)
    cucumber-core (1.5.0)
      gherkin (~> 4.0)
    cucumber-wire (0.0.1)
    diff-lcs (1.3)
    ffi (1.9.25)
    gherkin (4.1.3)
    multi_json (1.13.1)
    multi_test (0.1.2)
    rspec-expectations (3.8.1)
      diff-lcs (>= 1.2.0, < 2.0)
      rspec-support (~> 3.8.0)
    rspec-support (3.8.0)
    thor (0.20.0)

PLATFORMS
  ruby

DEPENDENCIES
  aruba (~> 1.0.0.pre.alpha.2)

BUNDLED WITH
   1.16.1
